GEM
  remote: https://rubygems.org/
  specs:
    evt-attribute (2.0.0.0)
    evt-dependency (2.2.0.0)
      evt-subst_attr
    evt-invocation (2.2.0.0)
    evt-mimic (2.4.0.0)
      evt-invocation
    evt-reflect (2.2.0.1)
    evt-subst_attr (2.3.0.0)
      evt-attribute
      evt-mimic
      evt-reflect
    test_bench (1.2.0.9)
      test_bench-fixture (>= 1.0.0.0)
    test_bench-fixture (1.4.0.2)

PLATFORMS
  arm64-darwin-20

DEPENDENCIES
  evt-dependency
  test_bench

BUNDLED WITH
   2.4.6
